GEM
  remote: https://rubygems.org/
  specs:
    backports (3.18.1)
    daru (0.3)
      packable (~> 1.3.13)
    mysql2 (0.4.4)
    packable (1.3.14)
      backports

PLATFORMS
  ruby

DEPENDENCIES
  daru
  mysql2 (= 0.4.4)

BUNDLED WITH
   1.17.3
